GEM
  remote: http://rubygems.org/
  specs:
    activesupport (3.2.8)
      i18n (~> 0.6)
      multi_json (~> 1.0)
    coderay (1.1.0)
    colored (1.2)
    i18n (0.6.1)
    multi_json (1.3.6)

PLATFORMS
  ruby

DEPENDENCIES
  activesupport (~> 3.2)
  coderay (~> 1.1.0)
  colored (~> 1.2)
